GEM
  remote: https://rubygems.org/
  specs:
    daemons (1.4.1)
    deep_merge (1.1.1)
    eventmachine (1.2.7)
    ffi (1.0.9)
    kgio (2.11.0)
    mail (2.6.4)
      mime-types (>= 1.16, < 4)
    mime-types (3.1)
      mime-types-data (~> 3.2015)
    mime-types-data (3.2016.0521)
    mocha (0.9.12)
    mustermann (1.1.2)
      ruby2_keywords (~> 0.0.1)
    net-http-digest_auth (1.4)
    pg (0.19.0)
    pony (1.3)
      mail (> 2.0)
    rack (2.2.6.3)
    rack-protection (2.0.0)
      rack
    rack-test (0.5.7)
      rack (>= 1.0)
    raindrops (0.17.0)
    rake (12.0.0)
    riot (0.12.1)
      rr
      term-ansicolor
    rr (1.2.0)
    ruby2_keywords (0.0.5)
    sequel (4.42.1)
    shotgun (0.9.2)
      rack (>= 1.0)
    sinatra (2.0.0)
      mustermann (~> 1.0)
      rack (~> 2.0)
      rack-protection (= 2.0.0)
      tilt (~> 2.0)
    term-ansicolor (1.4.0)
      tins (~> 1.0)
    thin (1.8.1)
      daemons (~> 1.0, >= 1.0.9)
      eventmachine (~> 1.0, >= 1.0.4)
      rack (>= 1, < 3)
    tilt (2.1.0)
    tins (1.13.0)
    unicorn (5.2.0)
      kgio (~> 2.6)
      raindrops (~> 0.7)
    warden (1.0.6)
      rack (>= 1.0)
    yui-compressor (0.9.3)

PLATFORMS
  ruby

DEPENDENCIES
  deep_merge (= 1.1.1)
  ffi (= 1.0.9)
  mocha (= 0.9.12)
  net-http-digest_auth (= 1.4)
  pg (>= 0.18)
  pony (= 1.3)
  rack-test (= 0.5.7)
  rake
  riot (= 0.12.1)
  sequel (>= 4.42)
  shotgun
  sinatra (= 2.0.0)
  thin
  unicorn
  warden (= 1.0.6)
  yui-compressor (= 0.9.3)

BUNDLED WITH
   1.17.3
